GEM
  remote: http://rubygems.org/
  specs:
    bluecloth (2.0.9)
    diff-lcs (1.1.2)
    git (1.2.5)
    jeweler (1.5.2)
      bundler (~> 1.0.0)
      git (>= 1.2.5)
      rake
    minitest (2.0.2)
    rake (0.8.7)
    rcov (0.9.9)
    reek (1.2.8)
      ruby2ruby (~> 1.2)
      ruby_parser (~> 2.0)
      sexp_processor (~> 3.0)
    roodi (2.1.0)
      ruby_parser
    rspec (2.4.0)
      rspec-core (~> 2.4.0)
      rspec-expectations (~> 2.4.0)
      rspec-mocks (~> 2.4.0)
    rspec-core (2.4.0)
    rspec-expectations (2.4.0)
      diff-lcs (~> 1.1.2)
    rspec-mocks (2.4.0)
    ruby2ruby (1.2.5)
      ruby_parser (~> 2.0)
      sexp_processor (~> 3.0)
    ruby_parser (2.0.5)
      sexp_processor (~> 3.0)
    sexp_processor (3.0.5)
    yard (0.6.4)
    yard-rspec (0.1)
      yard

PLATFORMS
  ruby

DEPENDENCIES
  bluecloth (~> 2.0.0)
  bundler (~> 1.0.0)
  jeweler (~> 1.5.1)
  minitest (~> 2.0.0)
  rcov
  reek (~> 1.2.8)
  roodi (~> 2.1.0)
  rspec (~> 2.4.0)
  yard (~> 0.6.0)
  yard-rspec (~> 0.1.0)
